GIT
  remote: binenc
  revision: 1718f34acd0759a52587f9d520c05f47e75ee61e
  branch: master
  specs:
    binenc (0.1.0)
      teLogger
      toolrack

PATH
  remote: .
  specs:
    ccrypto (0.1.6)
      activesupport
      teLogger
      toolrack

GEM
  remote: https://rubygems.org/
  specs:
    activesupport (7.0.7.2)
      concurrent-ruby (~> 1.0, >= 1.0.2)
      i18n (>= 1.6, < 2)
      minitest (>= 5.1)
      tzinfo (~> 2.0)
    coderay (1.1.3)
    colorize (1.1.0)
    concurrent-ruby (1.2.2)
    diff-lcs (1.5.0)
    git_cli (0.13.9)
      ptools (~> 1.4.0)
      teLogger (> 0.2)
      toolrack (> 0.23)
    i18n (1.14.1)
      concurrent-ruby (~> 1.0)
    method_source (1.0.0)
    minitest (5.20.0)
    pastel (0.8.0)
      tty-color (~> 0.5)
    pry (0.14.2)
      coderay (~> 1.1)
      method_source (~> 1.0)
    ptools (1.4.3)
    rake (13.0.6)
    release-gem (0.3.3)
      colorize (~> 1.1)
      git_cli (~> 0.13)
      pastel (~> 0.8)
      teLogger (~> 0.2)
      toolrack (~> 0.23)
      tty-command (~> 0.10)
      tty-prompt (~> 0.23)
    rspec (3.12.0)
      rspec-core (~> 3.12.0)
      rspec-expectations (~> 3.12.0)
      rspec-mocks (~> 3.12.0)
    rspec-core (3.12.2)
      rspec-support (~> 3.12.0)
    rspec-expectations (3.12.3)
      diff-lcs (>= 1.2.0, < 2.0)
      rspec-support (~> 3.12.0)
    rspec-mocks (3.12.6)
      diff-lcs (>= 1.2.0, < 2.0)
      rspec-support (~> 3.12.0)
    rspec-support (3.12.1)
    teLogger (0.2.2)
    toolrack (0.23.3)
    tty-color (0.6.0)
    tty-command (0.10.1)
      pastel (~> 0.8)
    tty-cursor (0.7.1)
    tty-prompt (0.23.1)
      pastel (~> 0.8)
      tty-reader (~> 0.8)
    tty-reader (0.9.0)
      tty-cursor (~> 0.7)
      tty-screen (~> 0.8)
      wisper (~> 2.0)
    tty-screen (0.8.1)
    tzinfo (2.0.6)
      concurrent-ruby (~> 1.0)
    wisper (2.0.1)

PLATFORMS
  ruby
  universal-java-1.8
  universal-java-11
  universal-java-17
  x86_64-linux

DEPENDENCIES
  binenc!
  ccrypto!
  pry
  rake (~> 13.0)
  release-gem
  rspec (~> 3.0)

BUNDLED WITH
   2.2.28
