PATH
  remote: .
  specs:
    ccrypto (0.1.0)
      tlogger
      toolrack

GEM
  remote: https://rubygems.org/
  specs:
    base58 (0.2.3)
    diff-lcs (1.5.0)
    rake (13.0.6)
    rspec (3.11.0)
      rspec-core (~> 3.11.0)
      rspec-expectations (~> 3.11.0)
      rspec-mocks (~> 3.11.0)
    rspec-core (3.11.0)
      rspec-support (~> 3.11.0)
    rspec-expectations (3.11.0)
      diff-lcs (>= 1.2.0, < 2.0)
      rspec-support (~> 3.11.0)
    rspec-mocks (3.11.0)
      diff-lcs (>= 1.2.0, < 2.0)
      rspec-support (~> 3.11.0)
    rspec-support (3.11.0)
    tlogger (0.26.3)
    toolrack (0.18.3)
      base58
      tlogger

PLATFORMS
  x86_64-linux

DEPENDENCIES
  ccrypto!
  rake (~> 13.0)
  rspec (~> 3.0)

BUNDLED WITH
   2.2.28
