PATH
  remote: .
  specs:
    ccrypto (0.1.7)
      activesupport
      teLogger
      toolrack

GEM
  remote: https://rubygems.org/
  specs:
    activesupport (7.1.2)
      base64
      bigdecimal
      concurrent-ruby (~> 1.0, >= 1.0.2)
      connection_pool (>= 2.2.5)
      drb
      i18n (>= 1.6, < 2)
      minitest (>= 5.1)
      mutex_m
      tzinfo (~> 2.0)
    base64 (0.2.0)
    bigdecimal (3.1.5)
    bigdecimal (3.1.5-java)
    colorize (1.1.0)
    concurrent-ruby (1.2.2)
    connection_pool (2.4.1)
    diff-lcs (1.5.0)
    drb (2.2.0)
      ruby2_keywords
    git_cli (0.13.9)
      ptools (~> 1.4.0)
      teLogger (> 0.2)
      toolrack (> 0.23)
    i18n (1.14.1)
      concurrent-ruby (~> 1.0)
    minitest (5.20.0)
    mutex_m (0.2.0)
    pastel (0.8.0)
      tty-color (~> 0.5)
    ptools (1.4.3)
    rake (13.1.0)
    release-gem (0.3.3)
      colorize (~> 1.1)
      git_cli (~> 0.13)
      pastel (~> 0.8)
      teLogger (~> 0.2)
      toolrack (~> 0.23)
      tty-command (~> 0.10)
      tty-prompt (~> 0.23)
    rspec (3.12.0)
      rspec-core (~> 3.12.0)
      rspec-expectations (~> 3.12.0)
      rspec-mocks (~> 3.12.0)
    rspec-core (3.12.2)
      rspec-support (~> 3.12.0)
    rspec-expectations (3.12.3)
      diff-lcs (>= 1.2.0, < 2.0)
      rspec-support (~> 3.12.0)
    rspec-mocks (3.12.6)
      diff-lcs (>= 1.2.0, < 2.0)
      rspec-support (~> 3.12.0)
    rspec-support (3.12.1)
    ruby2_keywords (0.0.5)
    teLogger (0.2.2)
    toolrack (0.24.1)
    tty-color (0.6.0)
    tty-command (0.10.1)
      pastel (~> 0.8)
    tty-cursor (0.7.1)
    tty-prompt (0.23.1)
      pastel (~> 0.8)
      tty-reader (~> 0.8)
    tty-reader (0.9.0)
      tty-cursor (~> 0.7)
      tty-screen (~> 0.8)
      wisper (~> 2.0)
    tty-screen (0.8.2)
    tzinfo (2.0.6)
      concurrent-ruby (~> 1.0)
    wisper (2.0.1)

PLATFORMS
  ruby
  universal-java-1.8
  universal-java-11
  universal-java-17
  x86_64-linux

DEPENDENCIES
  ccrypto!
  rake (~> 13.0)
  release-gem
  rspec (~> 3.0)

BUNDLED WITH
   2.5.1
